GEM
  remote: https://rubygems.org/
  specs:
    coderay (1.1.3)
    concurrent-ruby (1.1.10)
    connection_pool (2.2.3)
    hiredis-client (0.11.2)
      redis-client (= 0.11.2)
    method_source (1.0.0)
    oj (3.10.14)
    oj_mimic_json (1.0.1)
    pry (0.13.1)
      coderay (~> 1.1)
      method_source (~> 1.0)
    redis (5.0.5)
      redis-client (>= 0.9.0)
    redis-client (0.11.2)
      connection_pool

PLATFORMS
  ruby

DEPENDENCIES
  concurrent-ruby (= 1.1.10)
  hiredis-client
  oj
  oj_mimic_json
  pry
  redis (= 5.0.5)

BUNDLED WITH
   2.3.26
